GIT
  remote: https://github.com/faker-ruby/faker.git
  revision: 677ac8fd96213a188a5512cf3aa78c89f1fcda91
  branch: master
  specs:
    faker (2.16.0)
      i18n (>= 1.6, < 2)

GEM
  remote: https://rubygems.org/
  specs:
    actioncable (6.1.3)
      actionpack (= 6.1.3)
      activesupport (= 6.1.3)
      nio4r (~> 2.0)
      websocket-driver (>= 0.6.1)
    actionmailbox (6.1.3)
      actionpack (= 6.1.3)
      activejob (= 6.1.3)
      activerecord (= 6.1.3)
      activestorage (= 6.1.3)
      activesupport (= 6.1.3)
      mail (>= 2.7.1)
    actionmailer (6.1.3)
      actionpack (= 6.1.3)
      actionview (= 6.1.3)
      activejob (= 6.1.3)
      activesupport (= 6.1.3)
      mail (~> 2.5, >= 2.5.4)
      rails-dom-testing (~> 2.0)
    actionpack (6.1.3)
      actionview (= 6.1.3)
      activesupport (= 6.1.3)
      rack (~> 2.0, >= 2.0.9)
      rack-test (>= 0.6.3)
      rails-dom-testing (~> 2.0)
      rails-html-sanitizer (~> 1.0, >= 1.2.0)
    actiontext (6.1.3)
      actionpack (= 6.1.3)
      activerecord (= 6.1.3)
      activestorage (= 6.1.3)
      activesupport (= 6.1.3)
      nokogiri (>= 1.8.5)
    actionview (6.1.3)
      activesupport (= 6.1.3)
      builder (~> 3.1)
      erubi (~> 1.4)
      rails-dom-testing (~> 2.0)
      rails-html-sanitizer (~> 1.1, >= 1.2.0)
    activejob (6.1.3)
      activesupport (= 6.1.3)
      globalid (>= 0.3.6)
    activemodel (6.1.3)
      activesupport (= 6.1.3)
    activerecord (6.1.3)
      activemodel (= 6.1.3)
      activesupport (= 6.1.3)
    activestorage (6.1.3)
      actionpack (= 6.1.3)
      activejob (= 6.1.3)
      activerecord (= 6.1.3)
      activesupport (= 6.1.3)
      marcel (~> 0.3.1)
      mimemagic (~> 0.3.2)
    activesupport (6.1.3)
      concurrent-ruby (~> 1.0, >= 1.0.2)
      i18n (>= 1.6, < 2)
      minitest (>= 5.1)
      tzinfo (~> 2.0)
      zeitwerk (~> 2.3)
    addressable (2.7.0)
      public_suffix (>= 2.0.2, < 5.0)
    ansi (1.5.0)
    ast (2.4.2)
    autoprefixer-rails (10.2.4.0)
      execjs
    aws-eventstream (1.1.1)
    aws-partitions (1.431.1)
    aws-sdk-core (3.112.1)
      aws-eventstream (~> 1, >= 1.0.2)
      aws-partitions (~> 1, >= 1.239.0)
      aws-sigv4 (~> 1.1)
      jmespath (~> 1.0)
    aws-sdk-kms (1.42.0)
      aws-sdk-core (~> 3, >= 3.112.0)
      aws-sigv4 (~> 1.1)
    aws-sdk-s3 (1.90.0)
      aws-sdk-core (~> 3, >= 3.112.0)
      aws-sdk-kms (~> 1)
      aws-sigv4 (~> 1.1)
    aws-sigv4 (1.2.3)
      aws-eventstream (~> 1, >= 1.0.2)
    bcrypt (3.1.16)
    bindex (0.8.1)
    bootsnap (1.7.2)
      msgpack (~> 1.0)
    bootstrap (4.3.1)
      autoprefixer-rails (>= 9.1.0)
      popper_js (>= 1.14.3, < 2)
      sassc-rails (>= 2.0.0)
    builder (3.2.4)
    byebug (11.1.3)
    capybara (3.35.3)
      addressable
      mini_mime (>= 0.1.3)
      nokogiri (~> 1.8)
      rack (>= 1.6.0)
      rack-test (>= 0.6.3)
      regexp_parser (>= 1.5, < 3.0)
      xpath (~> 3.2)
    childprocess (3.0.0)
    coderay (1.1.3)
    coffee-rails (5.0.0)
      coffee-script (>= 2.2.0)
      railties (>= 5.2.0)
    coffee-script (2.4.1)
      coffee-script-source
      execjs
    coffee-script-source (1.12.2)
    concurrent-ruby (1.1.8)
    connection_pool (2.2.3)
    crass (1.0.6)
    devise (4.7.3)
      bcrypt (~> 3.0)
      orm_adapter (~> 0.1)
      railties (>= 4.1.0)
      responders
      warden (~> 1.2.3)
    erubi (1.10.0)
    ethon (0.12.0)
      ffi (>= 1.3.0)
    execjs (2.7.0)
    ffi (1.15.0)
    figaro (1.2.0)
      thor (>= 0.14.0, < 2)
    formatador (0.2.5)
    globalid (0.4.2)
      activesupport (>= 4.2.0)
    guard (2.16.2)
      formatador (>= 0.2.4)
      listen (>= 2.7, < 4.0)
      lumberjack (>= 1.0.12, < 2.0)
      nenv (~> 0.1)
      notiffany (~> 0.0)
      pry (>= 0.9.12)
      shellany (~> 0.0)
      thor (>= 0.18.1)
    guard-bundler (2.2.1)
      bundler (>= 1.3.0, < 3)
      guard (~> 2.2)
      guard-compat (~> 1.1)
    guard-compat (1.2.1)
    guard-minitest (2.4.6)
      guard-compat (~> 1.2)
      minitest (>= 3.0)
    guard-rubocop (1.4.0)
      guard (~> 2.0)
      rubocop (< 2.0)
    hamlit (2.14.4)
      temple (>= 0.8.2)
      thor
      tilt
    i18n (1.8.9)
      concurrent-ruby (~> 1.0)
    image_info (1.2.2)
      addressable (~> 2.0)
      image_size (~> 2.0)
      typhoeus (~> 1.0)
    image_size (2.1.0)
    iso8601 (0.9.1)
    jbuilder (2.11.2)
      activesupport (>= 5.0.0)
    jmespath (1.4.0)
    jquery-rails (4.4.0)
      rails-dom-testing (>= 1, < 3)
      railties (>= 4.2.0)
      thor (>= 0.14, < 2.0)
    json (2.5.1)
    launchy (2.5.0)
      addressable (~> 2.7)
    letter_opener (1.7.0)
      launchy (~> 2.2)
    link_thumbnailer (3.4.0)
      activesupport (>= 3.0)
      image_info (~> 1.0, >= 1.2.0)
      json (>= 1.7.7)
      net-http-persistent (>= 2.9)
      nokogiri (>= 1.6)
      rake (>= 0.9)
      video_info (>= 2.6)
    listen (3.1.5)
      rb-fsevent (~> 0.9, >= 0.9.4)
      rb-inotify (~> 0.9, >= 0.9.7)
      ruby_dep (~> 1.2)
    loofah (2.9.0)
      crass (~> 1.0.2)
      nokogiri (>= 1.5.9)
    lumberjack (1.2.8)
    mail (2.7.1)
      mini_mime (>= 0.1.1)
    marcel (0.3.3)
      mimemagic (~> 0.3.2)
    method_source (1.0.0)
    mimemagic (0.3.10)
      nokogiri (~> 1)
      rake
    mini_mime (1.0.2)
    mini_portile2 (2.5.0)
    minitest (5.14.4)
    mocha (1.12.0)
    msgpack (1.4.2)
    nenv (0.3.0)
    net-http-persistent (4.0.1)
      connection_pool (~> 2.2)
    net_http_timeout_errors (0.3.5)
    nio4r (2.5.7)
    nokogiri (1.11.1)
      mini_portile2 (~> 2.5.0)
      racc (~> 1.4)
    notiffany (0.1.3)
      nenv (~> 0.1)
      shellany (~> 0.0)
    oga (3.3)
      ast
      ruby-ll (~> 2.1)
    orm_adapter (0.5.0)
    parallel (1.20.1)
    parser (3.0.0.0)
      ast (~> 2.4.1)
    pg (1.2.3)
    popper_js (1.16.0)
    pry (0.14.0)
      coderay (~> 1.1)
      method_source (~> 1.0)
    public_suffix (4.0.6)
    puma (4.3.7)
      nio4r (~> 2.0)
    racc (1.5.2)
    rack (2.2.3)
    rack-proxy (0.6.5)
      rack
    rack-test (1.1.0)
      rack (>= 1.0, < 3)
    rails (6.1.3)
      actioncable (= 6.1.3)
      actionmailbox (= 6.1.3)
      actionmailer (= 6.1.3)
      actionpack (= 6.1.3)
      actiontext (= 6.1.3)
      actionview (= 6.1.3)
      activejob (= 6.1.3)
      activemodel (= 6.1.3)
      activerecord (= 6.1.3)
      activestorage (= 6.1.3)
      activesupport (= 6.1.3)
      bundler (>= 1.15.0)
      railties (= 6.1.3)
      sprockets-rails (>= 2.0.0)
    rails-dom-testing (2.0.3)
      activesupport (>= 4.2.0)
      nokogiri (>= 1.6)
    rails-html-sanitizer (1.3.0)
      loofah (~> 2.3)
    railties (6.1.3)
      actionpack (= 6.1.3)
      activesupport (= 6.1.3)
      method_source
      rake (>= 0.8.7)
      thor (~> 1.0)
    rainbow (3.0.0)
    rake (13.0.3)
    rb-fsevent (0.10.4)
    rb-inotify (0.10.1)
      ffi (~> 1.0)
    regexp_parser (2.1.1)
    responders (3.0.1)
      actionpack (>= 5.0)
      railties (>= 5.0)
    rexml (3.2.5)
    rubocop (1.11.0)
      parallel (~> 1.10)
      parser (>= 3.0.0.0)
      rainbow (>= 2.2.2, < 4.0)
      regexp_parser (>= 1.8, < 3.0)
      rexml
      rubocop-ast (>= 1.2.0, < 2.0)
      ruby-progressbar (~> 1.7)
      unicode-display_width (>= 1.4.0, < 3.0)
    rubocop-ast (1.4.1)
      parser (>= 2.7.1.5)
    ruby-ll (2.1.2)
      ansi
      ast
    ruby-progressbar (1.11.0)
    ruby_dep (1.5.0)
    rubyzip (1.3.0)
    sass (3.7.4)
      sass-listen (~> 4.0.0)
    sass-listen (4.0.0)
      rb-fsevent (~> 0.9, >= 0.9.4)
      rb-inotify (~> 0.9, >= 0.9.7)
    sass-rails (5.1.0)
      railties (>= 5.2.0)
      sass (~> 3.1)
      sprockets (>= 2.8, < 4.0)
      sprockets-rails (>= 2.0, < 4.0)
      tilt (>= 1.1, < 3)
    sassc (2.4.0)
      ffi (~> 1.9)
    sassc-rails (2.1.2)
      railties (>= 4.0.0)
      sassc (>= 2.0)
      sprockets (> 3.0)
      sprockets-rails
      tilt
    selenium-webdriver (3.142.7)
      childprocess (>= 0.5, < 4.0)
      rubyzip (>= 1.2.2)
    semantic_range (3.0.0)
    shellany (0.0.1)
    spectator-validates_email (1.1.0)
      activemodel (>= 4.2.0)
    spring (2.1.1)
    spring-watcher-listen (2.0.1)
      listen (>= 2.7, < 4.0)
      spring (>= 1.2, < 3.0)
    sprockets (3.7.2)
      concurrent-ruby (~> 1.0)
      rack (> 1, < 3)
    sprockets-rails (3.2.2)
      actionpack (>= 4.0)
      activesupport (>= 4.0)
      sprockets (>= 3.0.0)
    temple (0.8.2)
    thor (1.1.0)
    tilt (2.0.10)
    turbolinks (5.2.1)
      turbolinks-source (~> 5.2)
    turbolinks-source (5.2.0)
    typhoeus (1.4.0)
      ethon (>= 0.9.0)
    tzinfo (2.0.4)
      concurrent-ruby (~> 1.0)
    uglifier (4.2.0)
      execjs (>= 0.3.0, < 3)
    unicode-display_width (2.0.0)
    video_info (3.0.1)
      iso8601 (~> 0.9.1)
      net_http_timeout_errors (~> 0.3.0)
      oga (~> 3.0)
    warden (1.2.9)
      rack (>= 2.0.9)
    web-console (4.1.0)
      actionview (>= 6.0.0)
      activemodel (>= 6.0.0)
      bindex (>= 0.4.0)
      railties (>= 6.0.0)
    webdrivers (3.9.4)
      nokogiri (~> 1.6)
      rubyzip (~> 1.0)
      selenium-webdriver (~> 3.0)
    webpacker (5.2.1)
      activesupport (>= 5.2)
      rack-proxy (>= 0.6.1)
      railties (>= 5.2)
      semantic_range (>= 2.3.0)
    websocket-driver (0.7.3)
      websocket-extensions (>= 0.1.0)
    websocket-extensions (0.1.5)
    xpath (3.2.0)
      nokogiri (~> 1.8)
    zeitwerk (2.4.2)

PLATFORMS
  ruby

DEPENDENCIES
  aws-sdk-s3
  bootsnap (>= 1.1.0)
  bootstrap (~> 4.3.1)
  byebug
  capybara (>= 2.15)
  coffee-rails (~> 5)
  devise
  faker!
  figaro
  guard
  guard-bundler
  guard-minitest
  guard-rubocop
  hamlit
  jbuilder (~> 2.5)
  jquery-rails
  letter_opener
  link_thumbnailer
  listen (>= 3.0.5, < 3.2)
  mocha
  pg (>= 0.18, < 2.0)
  puma (~> 4.3)
  rails (~> 6.1.1)
  sass-rails (~> 5.0)
  selenium-webdriver
  spectator-validates_email
  spring
  spring-watcher-listen (~> 2.0.0)
  turbolinks (~> 5)
  uglifier (>= 1.3.0)
  web-console (>= 3.3.0)
  webdrivers (~> 3.0)
  webpacker

RUBY VERSION
   ruby 2.6.3p62

BUNDLED WITH
   1.17.3
